GEM
  remote: http://rubygems.org/
  specs:
    activesupport (2.3.17)
    addressable (2.3.5)
    backports (3.1.1)
    coderay (1.0.9)
    eventmachine (1.0.3)
    foreman (0.62.0)
      thor (>= 0.13.6)
    haml (4.0.2)
      tilt
    hanzo (0.2.3)
      highline (>= 1.6.19)
    highline (1.6.19)
    hike (1.2.1)
    json (1.7.7)
    kgio (2.8.0)
    method_source (0.8.1)
    multi_json (1.7.2)
    pry (0.9.12)
      coderay (~> 1.0.5)
      method_source (~> 0.8)
      slop (~> 3.4)
    r18n-core (1.1.4)
    rack (1.5.2)
    rack-canonical-host (0.0.8)
      addressable
      rack (~> 1.0)
    rack-jsonp (1.3.1)
      rack
    rack-protection (1.5.0)
      rack
    rack-test (0.6.2)
      rack (>= 1.0)
    raindrops (0.10.0)
    rake (10.0.3)
    sass (3.2.7)
    sinatra (1.3.6)
      rack (~> 1.4)
      rack-protection (~> 1.3)
      tilt (~> 1.3, >= 1.3.3)
    sinatra-contrib (1.3.2)
      backports (>= 2.0)
      eventmachine
      rack-protection
      rack-test
      sinatra (~> 1.3.0)
      tilt (~> 1.3)
    sinatra-r18n (1.1.4)
      r18n-core (= 1.1.4)
      sinatra (>= 1.3)
    sinatra-reloader (1.0)
      sinatra-contrib
    slop (3.4.3)
    sprockets (2.9.0)
      hike (~> 1.2)
      multi_json (~> 1.0)
      rack (~> 1.0)
      tilt (~> 1.1, != 1.3.0)
    sprockets-helpers (0.9.1)
      sprockets (~> 2.0)
    sprockets-sass (0.9.1)
      sprockets (~> 2.0)
      tilt (~> 1.1)
    thor (0.18.1)
    tilt (1.3.6)
    unicorn (4.6.2)
      kgio (~> 2.6)
      rack
      raindrops (~> 0.7)
    yaml_record (0.0.6)
      activesupport (~> 2.3.11)

PLATFORMS
  ruby

DEPENDENCIES
  foreman
  haml
  hanzo (~> 0.2.3)
  json
  multi_json
  pry
  rack-canonical-host
  rack-jsonp
  rake
  sass
  sinatra
  sinatra-contrib
  sinatra-r18n
  sinatra-reloader
  sprockets
  sprockets-helpers
  sprockets-sass
  unicorn
  yaml_record
