GEM
  remote: http://rubygems.org/
  specs:
    Platform (0.4.0)
    activesupport (2.3.14)
    addressable (2.3.2)
    backports (2.6.5)
    capistrano (2.6.0)
      highline
      net-scp (>= 1.0.0)
      net-sftp (>= 2.0.0)
      net-ssh (>= 2.0.14)
      net-ssh-gateway (>= 1.1.0)
    capistrano-ext (1.2.1)
      capistrano (>= 1.0.0)
    coderay (1.0.8)
    daemons (1.1.4)
    eventmachine (0.12.10)
    haml (3.1.2)
    highline (1.6.2)
    hike (1.2.1)
    json (1.6.0)
    kgio (2.7.4)
    method_source (0.8.1)
    multi_json (1.5.0)
    net-netrc (0.2.2)
      Platform (>= 0.3.0)
    net-scp (1.0.4)
      net-ssh (>= 1.99.1)
    net-sftp (2.0.5)
      net-ssh (>= 2.0.9)
    net-ssh (2.1.4)
    net-ssh-gateway (1.1.0)
      net-ssh (>= 1.99.1)
    pry (0.9.10)
      coderay (~> 1.0.5)
      method_source (~> 0.8)
      slop (~> 3.3.1)
    r18n-core (1.1.3)
    rack (1.4.1)
    rack-canonical-host (0.0.8)
      addressable
      rack (~> 1.0)
    rack-protection (1.3.2)
      rack
    rack-test (0.6.2)
      rack (>= 1.0)
    raindrops (0.10.0)
    rake (10.0.2)
    sass (3.2.4)
    shotgun (0.9)
      rack (>= 1.0)
    sinatra (1.3.3)
      rack (~> 1.3, >= 1.3.6)
      rack-protection (~> 1.2)
      tilt (~> 1.3, >= 1.3.3)
    sinatra-contrib (1.3.2)
      backports (>= 2.0)
      eventmachine
      rack-protection
      rack-test
      sinatra (~> 1.3.0)
      tilt (~> 1.3)
    sinatra-partial (0.4.0)
      sinatra
    sinatra-r18n (1.1.3)
      r18n-core (= 1.1.3)
      sinatra (>= 1.3)
    slop (3.3.3)
    sprockets (2.8.2)
      hike (~> 1.2)
      multi_json (~> 1.0)
      rack (~> 1.0)
      tilt (~> 1.1, != 1.3.0)
    sprockets-helpers (0.7.2)
      sprockets (~> 2.0)
    sprockets-sass (0.9.1)
      sprockets (~> 2.0)
      tilt (~> 1.1)
    thin (1.2.11)
      daemons (>= 1.0.9)
      eventmachine (>= 0.12.6)
      rack (>= 1.0.0)
    tilt (1.3.3)
    unicorn (4.4.0)
      kgio (~> 2.6)
      rack
      raindrops (~> 0.7)
    yaml_record (0.0.6)
      activesupport (~> 2.3.11)

PLATFORMS
  ruby

DEPENDENCIES
  capistrano
  capistrano-ext
  haml
  json
  net-netrc
  pry
  rack-canonical-host
  rake
  sass
  shotgun
  sinatra
  sinatra-contrib
  sinatra-partial
  sinatra-r18n
  sprockets
  sprockets-helpers
  sprockets-sass
  thin
  unicorn
  yaml_record
